PATH
  remote: .
  specs:
    rulers (0.0.2)
      rack (~> 2.2)
      webrick

GEM
  remote: https://rubygems.org/
  specs:
    minitest (5.22.3)
    rack (2.2.9)
    rack-test (2.1.0)
      rack (>= 1.3)
    rake (10.5.0)
    webrick (1.8.1)

PLATFORMS
  ruby

DEPENDENCIES
  bundler (~> 1.17)
  minitest
  rack-test
  rake (~> 10.0)
  rulers!

BUNDLED WITH
   1.17.2
